PATH
  remote: .
  specs:
    env_rq (0.1.1)

GEM
  remote: https://rubygems.org/
  specs:
    minitest (5.9.1)
    rake (10.5.0)

PLATFORMS
  ruby

DEPENDENCIES
  bundler (~> 1.13)
  env_rq!
  minitest (~> 5.0)
  rake (~> 10.0)

BUNDLED WITH
   1.13.2
